GEM
  remote: http://rubygems.org/
  specs:
    activerecord (2.3.10)
      activesupport (= 2.3.10)
    activesupport (2.3.10)
    builder (3.0.0)
    camping (2.1)
      rack (>= 1.0)
    markaby (0.7.1)
      builder (>= 2.0.0)
    rack (1.2.1)

PLATFORMS
  ruby

DEPENDENCIES
  activerecord
  camping
  markaby
